GEM
  remote: https://rubygems.org/
  specs:
    coderay (1.1.3)
    method_source (1.0.0)
    power_assert (1.1.6)
    pry (0.13.1)
      coderay (~> 1.1)
      method_source (~> 1.0)
    rake (12.0.0)
    test-unit (3.2.5)
      power_assert

PLATFORMS
  ruby
  x86-mingw32

DEPENDENCIES
  pry
  rake (= 12.0.0)
  test-unit (= 3.2.5)

BUNDLED WITH
   1.17.3
